GEM
  remote: https://rubygems.org/
  specs:
    aasm (5.2.0)
      concurrent-ruby (~> 1.0)
    aasm-diagram (0.1.3)
      aasm (~> 5.0, >= 4.12)
      ruby-graphviz (~> 1.2)
    actioncable (6.1.4.4)
      actionpack (= 6.1.4.4)
      activesupport (= 6.1.4.4)
      nio4r (~> 2.0)
      websocket-driver (>= 0.6.1)
    actionmailbox (6.1.4.4)
      actionpack (= 6.1.4.4)
      activejob (= 6.1.4.4)
      activerecord (= 6.1.4.4)
      activestorage (= 6.1.4.4)
      activesupport (= 6.1.4.4)
      mail (>= 2.7.1)
    actionmailer (6.1.4.4)
      actionpack (= 6.1.4.4)
      actionview (= 6.1.4.4)
      activejob (= 6.1.4.4)
      activesupport (= 6.1.4.4)
      mail (~> 2.5, >= 2.5.4)
      rails-dom-testing (~> 2.0)
    actionpack (6.1.4.4)
      actionview (= 6.1.4.4)
      activesupport (= 6.1.4.4)
      rack (~> 2.0, >= 2.0.9)
      rack-test (>= 0.6.3)
      rails-dom-testing (~> 2.0)
      rails-html-sanitizer (~> 1.0, >= 1.2.0)
    actiontext (6.1.4.4)
      actionpack (= 6.1.4.4)
      activerecord (= 6.1.4.4)
      activestorage (= 6.1.4.4)
      activesupport (= 6.1.4.4)
      nokogiri (>= 1.8.5)
    actionview (6.1.4.4)
      activesupport (= 6.1.4.4)
      builder (~> 3.1)
      erubi (~> 1.4)
      rails-dom-testing (~> 2.0)
      rails-html-sanitizer (~> 1.1, >= 1.2.0)
    activejob (6.1.4.4)
      activesupport (= 6.1.4.4)
      globalid (>= 0.3.6)
    activemodel (6.1.4.4)
      activesupport (= 6.1.4.4)
    activerecord (6.1.4.4)
      activemodel (= 6.1.4.4)
      activesupport (= 6.1.4.4)
    activerecord-session_store (2.0.0)
      actionpack (>= 5.2.4.1)
      activerecord (>= 5.2.4.1)
      multi_json (~> 1.11, >= 1.11.2)
      rack (>= 2.0.8, < 3)
      railties (>= 5.2.4.1)
    activestorage (6.1.4.4)
      actionpack (= 6.1.4.4)
      activejob (= 6.1.4.4)
      activerecord (= 6.1.4.4)
      activesupport (= 6.1.4.4)
      marcel (~> 1.0.0)
      mini_mime (>= 1.1.0)
    activesupport (6.1.4.4)
      concurrent-ruby (~> 1.0, >= 1.0.2)
      i18n (>= 1.6, < 2)
      minitest (>= 5.1)
      tzinfo (~> 2.0)
      zeitwerk (~> 2.3)
    addressable (2.8.0)
      public_suffix (>= 2.0.2, < 5.0)
    akami (1.3.1)
      gyoku (>= 0.4.0)
      nokogiri
    ar-uuid (0.2.2)
      activerecord
    ast (2.4.2)
    aws-eventstream (1.2.0)
    aws-partitions (1.549.0)
    aws-sdk-core (3.125.5)
      aws-eventstream (~> 1, >= 1.0.2)
      aws-partitions (~> 1, >= 1.525.0)
      aws-sigv4 (~> 1.1)
      jmespath (~> 1.0)
    aws-sdk-kms (1.53.0)
      aws-sdk-core (~> 3, >= 3.125.0)
      aws-sigv4 (~> 1.1)
    aws-sdk-s3 (1.111.3)
      aws-sdk-core (~> 3, >= 3.125.0)
      aws-sdk-kms (~> 1)
      aws-sigv4 (~> 1.4)
    aws-sigv4 (1.4.0)
      aws-eventstream (~> 1, >= 1.0.2)
    axe-core-api (4.3.2)
      dumb_delegator
      virtus
    axe-core-rspec (4.3.2)
      axe-core-api
      dumb_delegator
      virtus
    axiom-types (0.1.1)
      descendants_tracker (~> 0.0.4)
      ice_nine (~> 0.11.0)
      thread_safe (~> 0.3, >= 0.3.1)
    bcrypt (3.1.16)
    bindex (0.8.1)
    bootsnap (1.10.1)
      msgpack (~> 1.2)
    builder (3.2.4)
    byebug (11.1.3)
    canonical-rails (0.2.13)
      rails (>= 4.1, <= 7.0)
    capybara (3.36.0)
      addressable
      matrix
      mini_mime (>= 0.1.3)
      nokogiri (~> 1.8)
      rack (>= 1.6.0)
      rack-test (>= 0.6.3)
      regexp_parser (>= 1.5, < 3.0)
      xpath (~> 3.2)
    childprocess (4.1.0)
    coderay (1.1.3)
    coercible (1.0.0)
      descendants_tracker (~> 0.0.1)
    commonmarker (0.23.2)
    concurrent-ruby (1.1.9)
    connection_pool (2.2.5)
    crack (0.4.5)
      rexml
    crass (1.0.6)
    cypress-on-rails (1.12.1)
      rack
    daemons (1.4.1)
    database_cleaner-active_record (2.0.1)
      activerecord (>= 5.a)
      database_cleaner-core (~> 2.0.0)
    database_cleaner-core (2.0.1)
    declarative (0.0.20)
    deep_merge (1.2.1)
    descendants_tracker (0.0.4)
      thread_safe (~> 0.3, >= 0.3.1)
    devise (4.8.1)
      bcrypt (~> 3.0)
      orm_adapter (~> 0.1)
      railties (>= 4.1.0)
      responders
      warden (~> 1.2.3)
    diff-lcs (1.4.4)
    discard (1.2.0)
      activerecord (>= 4.2, < 7)
    docile (1.4.0)
    dotenv (2.7.6)
    dotenv-rails (2.7.6)
      dotenv (= 2.7.6)
      railties (>= 3.2)
    dumb_delegator (1.0.0)
    erubi (1.10.0)
    et-orbi (1.2.6)
      tzinfo
    factory_bot (6.2.0)
      activesupport (>= 5.0.0)
    factory_bot_rails (6.2.0)
      factory_bot (~> 6.2.0)
      railties (>= 5.0.0)
    faker (2.19.0)
      i18n (>= 1.6, < 2)
    faraday (1.8.0)
      faraday-em_http (~> 1.0)
      faraday-em_synchrony (~> 1.0)
      faraday-excon (~> 1.1)
      faraday-httpclient (~> 1.0.1)
      faraday-net_http (~> 1.0)
      faraday-net_http_persistent (~> 1.1)
      faraday-patron (~> 1.0)
      faraday-rack (~> 1.0)
      multipart-post (>= 1.2, < 3)
      ruby2_keywords (>= 0.0.4)
    faraday-em_http (1.0.0)
    faraday-em_synchrony (1.0.0)
    faraday-excon (1.1.0)
    faraday-httpclient (1.0.1)
    faraday-net_http (1.0.1)
    faraday-net_http_persistent (1.2.0)
    faraday-patron (1.0.0)
    faraday-rack (1.0.0)
    ffi (1.15.5)
    foreman (0.87.2)
    friendly_id (5.4.2)
      activerecord (>= 4.0.0)
    fugit (1.5.2)
      et-orbi (~> 1.1, >= 1.1.8)
      raabro (~> 1.4)
    globalid (1.0.0)
      activesupport (>= 5.0)
    google-apis-bigquery_v2 (0.21.0)
      google-apis-core (>= 0.4, < 2.a)
    google-apis-core (0.4.1)
      addressable (~> 2.5, >= 2.5.1)
      googleauth (>= 0.16.2, < 2.a)
      httpclient (>= 2.8.1, < 3.a)
      mini_mime (~> 1.0)
      representable (~> 3.0)
      retriable (>= 2.0, < 4.a)
      rexml
      webrick
    google-cloud-bigquery (1.38.0)
      concurrent-ruby (~> 1.0)
      google-apis-bigquery_v2 (~> 0.1)
      google-cloud-core (~> 1.6)
      googleauth (>= 0.16.2, < 2.a)
      mini_mime (~> 1.0)
    google-cloud-core (1.6.0)
      google-cloud-env (~> 1.0)
      google-cloud-errors (~> 1.0)
    google-cloud-env (1.5.0)
      faraday (>= 0.17.3, < 2.0)
    google-cloud-errors (1.2.0)
    googleauth (1.1.0)
      faraday (>= 0.17.3, < 2.0)
      jwt (>= 1.4, < 3.0)
      memoist (~> 0.16)
      multi_json (~> 1.11)
      os (>= 0.9, < 2.0)
      signet (>= 0.16, < 2.a)
    govuk-components (3.0.3)
      activemodel (>= 6.1)
      railties (>= 6.1)
      view_component (~> 2.49.1)
    govuk_design_system_formbuilder (2.3.0)
      actionview (>= 5.2)
      activemodel (>= 5.2)
      activesupport (>= 5.2)
      deep_merge (~> 1.2.1)
    govuk_markdown (0.4.0)
      activesupport
      redcarpet
    gyoku (1.3.1)
      builder (>= 2.1.2)
    hashdiff (1.0.1)
    hashie (4.1.0)
    httpclient (2.8.3)
    httpi (2.5.0)
      rack
      socksify
    i18n (1.10.0)
      concurrent-ruby (~> 1.0)
    ice_nine (0.11.2)
    jmespath (1.5.0)
    json-schema (2.8.1)
      addressable (>= 2.4)
    jsonapi-rspec (0.0.11)
      rspec-core
      rspec-expectations
    jsonapi-serializer (2.2.0)
      activesupport (>= 4.2)
    jwt (2.3.0)
    kaminari (1.2.2)
      activesupport (>= 4.1.0)
      kaminari-actionview (= 1.2.2)
      kaminari-activerecord (= 1.2.2)
      kaminari-core (= 1.2.2)
    kaminari-actionview (1.2.2)
      actionview
      kaminari-core (= 1.2.2)
    kaminari-activerecord (1.2.2)
      activerecord
      kaminari-core (= 1.2.2)
    kaminari-core (1.2.2)
    launchy (2.5.0)
      addressable (~> 2.7)
    listen (3.7.1)
      rb-fsevent (~> 0.10, >= 0.10.3)
      rb-inotify (~> 0.9, >= 0.9.10)
    lograge (0.11.2)
      actionpack (>= 4)
      activesupport (>= 4)
      railties (>= 4)
      request_store (~> 1.0)
    logstash-event (1.2.02)
    loofah (2.14.0)
      crass (~> 1.0.2)
      nokogiri (>= 1.5.9)
    mail (2.7.1)
      mini_mime (>= 0.1.1)
    mail-notify (1.0.4)
      actionmailer (>= 5.2.4.3)
      actionpack (>= 5.2.4.3)
      actionview (>= 5.2.4.3)
      activesupport (>= 5.2.4.3)
      notifications-ruby-client (~> 5.1)
      rack (>= 2.1.4)
    marcel (1.0.2)
    matrix (0.4.2)
    memoist (0.16.2)
    memory_profiler (1.0.0)
    method_source (1.0.0)
    mini_mime (1.1.2)
    mini_portile2 (2.8.0)
    minitest (5.15.0)
    msgpack (1.4.2)
    multi_json (1.15.0)
    multipart-post (2.1.1)
    nio4r (2.5.8)
    nokogiri (1.13.3)
      mini_portile2 (~> 2.8.0)
      racc (~> 1.4)
    nori (2.6.0)
    notifications-ruby-client (5.3.0)
      jwt (>= 1.5, < 3)
    open_api-rswag-api (0.1.0)
      railties (>= 3.1, < 7.0)
    open_api-rswag-specs (0.1.0)
      activesupport (>= 3.1, < 7.0)
      hashie
      json-schema (~> 2.2)
      railties (>= 3.1, < 7.0)
    open_api-rswag-ui (0.1.0)
      actionpack (>= 3.1, < 7.0)
      railties (>= 3.1, < 7.0)
    openapi3_parser (0.9.1)
      commonmarker (~> 0.17)
      psych (~> 3.1)
    orm_adapter (0.5.0)
    os (1.1.4)
    pagy (4.11.0)
    paper_trail (12.1.0)
      activerecord (>= 5.2)
      request_store (~> 1.1)
    parallel (1.21.0)
    parallel_tests (3.7.3)
      parallel
    parser (3.0.2.0)
      ast (~> 2.4.1)
    percy-capybara (5.0.0)
      capybara (>= 3)
    pg (1.3.3)
    pretender (0.3.4)
      actionpack (>= 4.2)
    pry (0.13.1)
      coderay (~> 1.1)
      method_source (~> 1.0)
    pry-byebug (3.9.0)
      byebug (~> 11.0)
      pry (~> 0.13.0)
    psych (3.3.2)
    public_suffix (4.0.6)
    puma (5.6.2)
      nio4r (~> 2.0)
    pundit (2.1.1)
      activesupport (>= 3.0.0)
    pundit-matchers (1.7.0)
      rspec-rails (>= 3.0.0)
    raabro (1.4.0)
    racc (1.6.0)
    rack (2.2.3)
    rack-attack (6.6.0)
      rack (>= 1.0, < 3)
    rack-mini-profiler (2.3.3)
      rack (>= 1.2.0)
    rack-proxy (0.7.0)
      rack
    rack-test (1.1.0)
      rack (>= 1.0, < 3)
    rails (6.1.4.4)
      actioncable (= 6.1.4.4)
      actionmailbox (= 6.1.4.4)
      actionmailer (= 6.1.4.4)
      actionpack (= 6.1.4.4)
      actiontext (= 6.1.4.4)
      actionview (= 6.1.4.4)
      activejob (= 6.1.4.4)
      activemodel (= 6.1.4.4)
      activerecord (= 6.1.4.4)
      activestorage (= 6.1.4.4)
      activesupport (= 6.1.4.4)
      bundler (>= 1.15.0)
      railties (= 6.1.4.4)
      sprockets-rails (>= 2.0.0)
    rails-controller-testing (1.0.5)
      actionpack (>= 5.0.1.rc1)
      actionview (>= 5.0.1.rc1)
      activesupport (>= 5.0.1.rc1)
    rails-dom-testing (2.0.3)
      activesupport (>= 4.2.0)
      nokogiri (>= 1.6)
    rails-html-sanitizer (1.4.2)
      loofah (~> 2.3)
    railties (6.1.4.4)
      actionpack (= 6.1.4.4)
      activesupport (= 6.1.4.4)
      method_source
      rake (>= 0.13)
      thor (~> 1.0)
    rainbow (3.0.0)
    rake (13.0.6)
    ransack (2.5.0)
      activerecord (>= 5.2.4)
      activesupport (>= 5.2.4)
      i18n
    rb-fsevent (0.11.0)
    rb-inotify (0.10.1)
      ffi (~> 1.0)
    redcarpet (3.5.1)
    redis (4.5.1)
    regexp_parser (2.1.1)
    representable (3.1.1)
      declarative (< 0.1.0)
      trailblazer-option (>= 0.1.1, < 0.2.0)
      uber (< 0.2.0)
    request_store (1.5.0)
      rack (>= 1.4)
    responders (3.0.1)
      actionpack (>= 5.0)
      railties (>= 5.0)
    retriable (3.1.2)
    rexml (3.2.5)
    rouge (3.27.0)
    rspec-core (3.10.1)
      rspec-support (~> 3.10.0)
    rspec-default_http_header (0.0.6)
      rspec-rails (> 3.0)
    rspec-expectations (3.10.1)
      diff-lcs (>= 1.2.0, < 2.0)
      rspec-support (~> 3.10.0)
    rspec-mocks (3.10.2)
      diff-lcs (>= 1.2.0, < 2.0)
      rspec-support (~> 3.10.0)
    rspec-rails (5.0.2)
      actionpack (>= 5.2)
      activesupport (>= 5.2)
      railties (>= 5.2)
      rspec-core (~> 3.10)
      rspec-expectations (~> 3.10)
      rspec-mocks (~> 3.10)
      rspec-support (~> 3.10)
    rspec-support (3.10.2)
    rubocop (1.23.0)
      parallel (~> 1.10)
      parser (>= 3.0.0.0)
      rainbow (>= 2.2.2, < 4.0)
      regexp_parser (>= 1.8, < 3.0)
      rexml
      rubocop-ast (>= 1.12.0, < 2.0)
      ruby-progressbar (~> 1.7)
      unicode-display_width (>= 1.4.0, < 3.0)
    rubocop-ast (1.13.0)
      parser (>= 3.0.1.1)
    rubocop-govuk (4.2.0)
      rubocop (= 1.23.0)
      rubocop-ast (= 1.13.0)
      rubocop-rails (= 2.12.4)
      rubocop-rake (= 0.6.0)
      rubocop-rspec (= 2.6.0)
    rubocop-rails (2.12.4)
      activesupport (>= 4.2.0)
      rack (>= 1.1)
      rubocop (>= 1.7.0, < 2.0)
    rubocop-rake (0.6.0)
      rubocop (~> 1.0)
    rubocop-rspec (2.6.0)
      rubocop (~> 1.19)
    ruby-graphviz (1.2.5)
      rexml
    ruby-progressbar (1.11.0)
    ruby2_keywords (0.0.5)
    rubyzip (2.3.2)
    sass (3.7.4)
      sass-listen (~> 4.0.0)
    sass-listen (4.0.0)
      rb-fsevent (~> 0.9, >= 0.9.4)
      rb-inotify (~> 0.9, >= 0.9.7)
    savon (2.12.1)
      akami (~> 1.2)
      builder (>= 2.1.2)
      gyoku (~> 1.2)
      httpi (~> 2.3)
      nokogiri (>= 1.8.1)
      nori (~> 2.4)
      wasabi (~> 3.4)
    scss_lint (0.59.0)
      sass (~> 3.5, >= 3.5.5)
    scss_lint-govuk (0.2.0)
      scss_lint
    secure_headers (6.3.3)
    selenium-webdriver (4.1.0)
      childprocess (>= 0.5, < 5.0)
      rexml (~> 3.2, >= 3.2.5)
      rubyzip (>= 1.2.2)
    semantic_range (3.0.0)
    sentry-rails (4.8.1)
      railties (>= 5.0)
      sentry-ruby-core (~> 4.8.1)
    sentry-ruby (4.8.3)
      concurrent-ruby (~> 1.0, >= 1.0.2)
      faraday (~> 1.0)
      sentry-ruby-core (= 4.8.3)
    sentry-ruby-core (4.8.3)
      concurrent-ruby
      faraday
    sentry-sidekiq (4.8.1)
      sentry-ruby-core (~> 4.8.1)
      sidekiq (>= 3.0)
    shoulda-matchers (4.5.1)
      activesupport (>= 4.2.0)
    sidekiq (6.4.0)
      connection_pool (>= 2.2.2)
      rack (~> 2.0)
      redis (>= 4.2.0)
    sidekiq-cron (1.2.0)
      fugit (~> 1.1)
      sidekiq (>= 4.2.1)
    signet (0.16.0)
      addressable (~> 2.8)
      faraday (>= 0.17.3, < 2.0)
      jwt (>= 1.5, < 3.0)
      multi_json (~> 1.10)
    simplecov (0.21.2)
      docile (~> 1.1)
      simplecov-html (~> 0.11)
      simplecov_json_formatter (~> 0.1)
    simplecov-html (0.12.3)
    simplecov_json_formatter (0.1.3)
    socksify (1.7.1)
    spring (2.1.1)
    spring-watcher-listen (2.0.1)
      listen (>= 2.7, < 4.0)
      spring (>= 1.2, < 3.0)
    sprockets (4.0.2)
      concurrent-ruby (~> 1.0)
      rack (> 1, < 3)
    sprockets-rails (3.4.2)
      actionpack (>= 5.2)
      activesupport (>= 5.2)
      sprockets (>= 3.0.0)
    stackprof (0.2.17)
    strong_migrations (0.7.9)
      activerecord (>= 5)
    terminal-table (3.0.2)
      unicode-display_width (>= 1.1.1, < 3)
    thor (1.2.1)
    thread_safe (0.3.6)
    timecop (0.9.4)
    trailblazer-option (0.1.2)
    tzinfo (2.0.4)
      concurrent-ruby (~> 1.0)
    tzinfo-data (1.2021.5)
      tzinfo (>= 1.0.0)
    uber (0.1.0)
    unicode-display_width (2.1.0)
    view_component (2.49.1)
      activesupport (>= 5.0.0, < 8.0)
      method_source (~> 1.0)
    virtus (2.0.0)
      axiom-types (~> 0.1)
      coercible (~> 1.0)
      descendants_tracker (~> 0.0, >= 0.0.3)
    warden (1.2.9)
      rack (>= 2.0.9)
    wasabi (3.6.1)
      addressable
      httpi (~> 2.0)
      nokogiri (>= 1.4.2)
    web-console (4.2.0)
      actionview (>= 6.0.0)
      activemodel (>= 6.0.0)
      bindex (>= 0.4.0)
      railties (>= 6.0.0)
    webdrivers (4.7.0)
      nokogiri (~> 1.6)
      rubyzip (>= 1.3.0)
      selenium-webdriver (> 3.141, < 5.0)
    webmock (3.14.0)
      addressable (>= 2.8.0)
      crack (>= 0.3.2)
      hashdiff (>= 0.4.0, < 2.0.0)
    webpacker (5.4.3)
      activesupport (>= 5.2)
      rack-proxy (>= 0.6.1)
      railties (>= 5.2)
      semantic_range (>= 2.3.0)
    webrick (1.7.0)
    websocket-driver (0.7.5)
      websocket-extensions (>= 0.1.0)
    websocket-extensions (0.1.5)
    with_model (2.1.6)
      activerecord (>= 5.2)
    xpath (3.2.0)
      nokogiri (~> 1.8)
    zeitwerk (2.5.4)

PLATFORMS
  ruby

DEPENDENCIES
  aasm
  aasm-diagram
  activerecord-session_store (>= 2.0.0)
  ar-uuid (~> 0.2.2)
  aws-sdk-s3
  axe-core-rspec
  bootsnap (>= 1.1.0)
  byebug
  canonical-rails (>= 0.2.13)
  capybara (>= 3.35.3)
  cypress-on-rails (~> 1.12)
  daemons
  database_cleaner-active_record
  devise (>= 4.8.0)
  discard (~> 1.2, >= 1.2.0)
  dotenv-rails (>= 2.7.6)
  factory_bot_rails (>= 6.2.0)
  faker
  foreman
  friendly_id (~> 5.4.0)
  google-cloud-bigquery
  govuk-components (>= 2.1.5)
  govuk_design_system_formbuilder (~> 2.3.0b1)
  govuk_markdown (~> 0.4.0)
  httpclient (~> 2.8, >= 2.8.3)
  json-schema (>= 2.8.1)
  jsonapi-rspec
  jsonapi-serializer
  jwt
  kaminari (>= 1.2.0)
  launchy
  listen (>= 3.0.5, < 3.8)
  lograge (>= 0.11.2)
  logstash-event
  mail-notify (>= 1.0.4)
  memory_profiler
  multi_json
  open_api-rswag-api (>= 0.1.0)
  open_api-rswag-specs (>= 0.1.0)
  open_api-rswag-ui (>= 0.1.0)
  openapi3_parser (= 0.9.1)
  pagy (~> 4.11)
  paper_trail
  parallel_tests
  percy-capybara
  pg (>= 0.18, < 2.0)
  pretender (>= 0.3.4)
  pry-byebug
  puma (~> 5.6)
  pundit
  pundit-matchers (~> 1.7.0)
  rack-attack (>= 6.5.0)
  rack-mini-profiler
  rails (~> 6.1.4, >= 6.1.4.2)
  rails-controller-testing (>= 1.0.5)
  ransack
  rouge
  rspec-default_http_header (>= 0.0.6)
  rspec-rails (~> 5.0.2)
  rubocop-govuk (>= 3.17.2)
  rubyzip (~> 2.3, >= 2.3.0)
  savon (~> 2.12, >= 2.12.1)
  scss_lint-govuk
  secure_headers
  selenium-webdriver
  sentry-rails (>= 4.8.1)
  sentry-ruby (>= 4.6.4)
  sentry-sidekiq
  shoulda-matchers (~> 4.5)
  sidekiq
  sidekiq-cron
  simplecov
  spring
  spring-watcher-listen (~> 2.0.0)
  stackprof
  strong_migrations
  terminal-table
  timecop
  tzinfo-data
  view_component
  wdm (>= 0.1.0)
  web-console (>= 4.2.0)
  webdrivers (~> 4.6)
  webmock (>= 3.10.0)
  webpacker (>= 5.4.3)
  with_model

RUBY VERSION
   ruby 2.7.4p191

BUNDLED WITH
   2.2.29
